GEM
  remote: https://rubygems.org/
  specs:
    cuba (3.1.1)
      rack
    erubis (2.7.0)
    mini_portile (0.6.0)
    nokogiri (1.6.2.1)
      mini_portile (= 0.6.0)
    rack (1.5.2)
    rack-protection (1.5.3)
      rack
    tilt (2.0.1)

PLATFORMS
  ruby

DEPENDENCIES
  cuba
  erubis
  nokogiri
  rack
  rack-protection
  tilt
